GEM
  remote: http://rubygems.org/
  specs:
    columnize (0.3.2)
    diff-lcs (1.1.2)
    fattr (2.2.0)
    linecache (0.43)
    rspec (1.3.0)
    ruby-debug (0.10.3)
      columnize (>= 0.1)
      ruby-debug-base (~> 0.10.3.0)
    ruby-debug-base (0.10.3)
      linecache (>= 0.3)
    session (3.1.0)
      fattr

PLATFORMS
  ruby

DEPENDENCIES
  diff-lcs (= 1.1.2)
  rspec (= 1.3.0)
  ruby-debug (= 0.10.3)
  session (= 3.1.0)
